GEM
  remote: https://rubygems.org/
  specs:
    addressable (2.3.8)
    haml (4.0.6)
      tilt
    json (1.8.3)
    kgio (2.9.3)
    mime-types (1.25.1)
    rack (1.6.1)
    rack-protection (1.5.3)
      rack
    raindrops (0.13.0)
    rest-client (1.6.9)
      mime-types (~> 1.16)
    sinatra (1.4.6)
      rack (~> 1.4)
      rack-protection (~> 1.4)
      tilt (>= 1.3, < 3)
    tilt (2.0.1)
    unicorn (4.9.0)
      kgio (~> 2.6)
      rack
      raindrops (~> 0.7)
    unirest (1.1.2)
      addressable (~> 2.3.5)
      json (~> 1.8.1)
      rest-client (~> 1.6.7)

PLATFORMS
  ruby

DEPENDENCIES
  haml (= 4.0.6)
  sinatra (= 1.4.6)
  unicorn (= 4.9.0)
  unirest (= 1.1.2)

BUNDLED WITH
   1.10.3
